GEM
  remote: http://rubygems.org/
  specs:
    activesupport (3.1.0)
      multi_json (~> 1.0)
    addressable (2.2.6)
    bouncy-castle-java (1.5.0146.1)
    builder (3.0.0)
    cucumber (1.1.0)
      builder (>= 2.1.2)
      diff-lcs (>= 1.1.2)
      gherkin (~> 2.5.0)
      json (>= 1.4.6)
      term-ansicolor (>= 1.0.6)
    diff-lcs (1.1.3)
    faraday (0.7.5)
      addressable (~> 2.2.6)
      multipart-post (~> 1.1.3)
      rack (>= 1.1.0, < 2)
    gherkin (2.5.1-java)
      json (>= 1.4.6)
    hashr (0.0.16)
    jruby-openssl (0.7.4)
      bouncy-castle-java
    json (1.5.4-java)
    metaclass (0.0.1)
    mocha (0.10.0)
      metaclass (~> 0.0.1)
    multi_json (1.0.3)
    multipart-post (1.1.3)
    net-ssh (2.1.4)
    net-ssh-shell (0.2.0)
      net-ssh (~> 2.1.0)
    rack (1.3.4)
    rake (0.9.2)
    rspec (2.6.0)
      rspec-core (~> 2.6.0)
      rspec-expectations (~> 2.6.0)
      rspec-mocks (~> 2.6.0)
    rspec-core (2.6.4)
    rspec-expectations (2.6.0)
      diff-lcs (~> 1.1.2)
    rspec-mocks (2.6.0)
    term-ansicolor (1.0.6)
    thor (0.14.6)

PLATFORMS
  java

DEPENDENCIES
  activesupport
  cucumber
  faraday (~> 0.7.3)
  hashr (~> 0.0.13)
  jruby-openssl
  mocha
  multi_json
  net-ssh-shell (~> 0.2.0)
  rake (~> 0.9.2)
  rspec
  thor
